PATH
  remote: .
  specs:
    modulation (0.30)

GEM
  remote: https://rubygems.org/
  specs:
    minitest (5.11.3)
    redis (4.0.1)

PLATFORMS
  ruby

DEPENDENCIES
  minitest (= 5.11.3)
  modulation!
  redis (= 4.0.1)

BUNDLED WITH
   1.17.2
